PATH
  remote: .
  specs:
    ppap (0.1.0)
      thor (~> 0.19.1)

GEM
  specs:
    rake (10.5.0)
    thor (0.19.1)

PLATFORMS
  ruby

DEPENDENCIES
  bundler (~> 1.13)
  ppap!
  rake (~> 10.0)

BUNDLED WITH
   1.13.5
